GEM
  remote: https://rubygems.org/
  specs:
    addressable (2.3.6)
    awesome_print (1.6.1)
    cookiejar (0.3.2)
    dotenv (1.0.2)
    em-eventsource (0.2.0)
      em-http-request (>= 1.0.0)
      eventmachine (>= 1.0.0.beta3)
    em-http-request (1.1.2)
      addressable (>= 2.3.4)
      cookiejar
      em-socksify (>= 0.3)
      eventmachine (>= 1.0.3)
      http_parser.rb (>= 0.6.0)
    em-socksify (0.3.0)
      eventmachine (>= 1.0.0.beta.4)
    eventmachine (1.0.4)
    http_parser.rb (0.6.0)

PLATFORMS
  ruby

DEPENDENCIES
  awesome_print (~> 1.6.1)
  dotenv (~> 1.0.2)
  em-eventsource (~> 0.2.0)
  em-http-request (~> 1.1.2)
  eventmachine (~> 1.0.4)
